GEM
  remote: https://rubygems.org/
  specs:
    eventmachine (1.2.1)
    faraday (0.11.0)
      multipart-post (>= 1.2, < 3)
    faraday_middleware (0.10.1)
      faraday (>= 0.7.4, < 1.0)
    faye-websocket (0.9.2)
      eventmachine (>= 0.12.0)
      websocket-driver (>= 0.5.1)
    multi_json (1.12.1)
    multipart-post (2.0.0)
    slack-api (1.3.0)
      faraday (~> 0.11)
      faraday_middleware (= 0.10.1)
      faye-websocket (~> 0.9.2)
      multi_json (~> 1.0, >= 1.0.3)
    websocket-driver (0.6.5)
      websocket-extensions (>= 0.1.0)
    websocket-extensions (0.1.2)

PLATFORMS
  ruby

DEPENDENCIES
  slack-api

BUNDLED WITH
   1.13.6
